GEM
  specs:
    power_assert (0.3.0)
    test-unit (3.2.0)
      power_assert

PLATFORMS
  ruby

DEPENDENCIES
  test-unit

BUNDLED WITH
   1.12.5
